GEM
  remote: https://rubygems.org/
  specs:
    actionmailer (4.0.13)
      actionpack (= 4.0.13)
      mail (~> 2.5, >= 2.5.4)
    actionpack (4.0.13)
      activesupport (= 4.0.13)
      builder (~> 3.1.0)
      erubis (~> 2.7.0)
      rack (~> 1.5.2)
      rack-test (~> 0.6.2)
    activemodel (4.0.13)
      activesupport (= 4.0.13)
      builder (~> 3.1.0)
    activerecord (4.0.13)
      activemodel (= 4.0.13)
      activerecord-deprecated_finders (~> 1.0.2)
      activesupport (= 4.0.13)
      arel (~> 4.0.0)
    activerecord-deprecated_finders (1.0.4)
    activesupport (4.0.13)
      i18n (~> 0.6, >= 0.6.9)
      minitest (~> 4.2)
      multi_json (~> 1.3)
      thread_safe (~> 0.1)
      tzinfo (~> 0.3.37)
    arel (4.0.2)
    better_errors (2.1.1)
      coderay (>= 1.0.0)
      erubis (>= 2.6.6)
      rack (>= 0.9.0)
    binding_of_caller (0.7.2)
      debug_inspector (>= 0.0.1)
    builder (3.1.4)
    carrierwave (1.1.0)
      activemodel (>= 4.0.0)
      activesupport (>= 4.0.0)
      mime-types (>= 1.16)
    coderay (1.1.1)
    coffee-rails (4.0.1)
      coffee-script (>= 2.2.0)
      railties (>= 4.0.0, < 5.0)
    coffee-script (2.4.1)
      coffee-script-source
      execjs
    coffee-script-source (1.12.2)
    debug_inspector (0.0.3)
    delayed_job (4.1.3)
      activesupport (>= 3.0, < 5.2)
    delayed_job_active_record (4.1.2)
      activerecord (>= 3.0, < 5.2)
      delayed_job (>= 3.0, < 5)
    diff-lcs (1.3)
    docile (1.1.5)
    erubis (2.7.0)
    execjs (2.7.0)
    factory_girl (4.8.0)
      activesupport (>= 3.0.0)
    factory_girl_rails (4.8.0)
      factory_girl (~> 4.8.0)
      railties (>= 3.0.0)
    faker (1.7.3)
      i18n (~> 0.5)
    google_business_api_url_signer (0.1.3)
      activesupport (>= 3.2.0)
    google_distance_matrix (0.5.0)
      activemodel (>= 3.2.13, <= 5)
      activesupport (>= 3.2.13, <= 5)
      google_business_api_url_signer (~> 0.1.3)
    hike (1.2.3)
    i18n (0.8.5)
    jbuilder (1.5.3)
      activesupport (>= 3.0.0)
      multi_json (>= 1.2.0)
    jquery-rails (3.1.4)
      railties (>= 3.0, < 5.0)
      thor (>= 0.14, < 2.0)
    json (1.8.6)
    mail (2.6.6)
      mime-types (>= 1.16, < 4)
    material_icons (2.2.1)
      railties (>= 3.2)
    method_source (0.8.2)
    mime-types (3.1)
      mime-types-data (~> 3.2015)
    mime-types-data (3.2016.0521)
    minitest (4.7.5)
    multi_json (1.12.1)
    pg (0.20.0)
    pry (0.10.4)
      coderay (~> 1.1.0)
      method_source (~> 0.8.1)
      slop (~> 3.4)
    pry-rails (0.3.6)
      pry (>= 0.10.4)
    puma (3.9.1)
    quiet_assets (1.1.0)
      railties (>= 3.1, < 5.0)
    rabl (0.13.1)
      activesupport (>= 2.3.14)
    rack (1.5.5)
    rack-test (0.6.3)
      rack (>= 1.0)
    railroady (1.5.3)
    rails (4.0.13)
      actionmailer (= 4.0.13)
      actionpack (= 4.0.13)
      activerecord (= 4.0.13)
      activesupport (= 4.0.13)
      bundler (>= 1.3.0, < 2.0)
      railties (= 4.0.13)
      sprockets-rails (~> 2.0)
    railties (4.0.13)
      actionpack (= 4.0.13)
      activesupport (= 4.0.13)
      rake (>= 0.8.7)
      thor (>= 0.18.1, < 2.0)
    rake (12.0.0)
    rdoc (4.3.0)
    rspec (3.6.0)
      rspec-core (~> 3.6.0)
      rspec-expectations (~> 3.6.0)
      rspec-mocks (~> 3.6.0)
    rspec-core (3.6.0)
      rspec-support (~> 3.6.0)
    rspec-expectations (3.6.0)
      diff-lcs (>= 1.2.0, < 2.0)
      rspec-support (~> 3.6.0)
    rspec-mocks (3.6.0)
      diff-lcs (>= 1.2.0, < 2.0)
      rspec-support (~> 3.6.0)
    rspec-rails (3.6.0)
      actionpack (>= 3.0)
      activesupport (>= 3.0)
      railties (>= 3.0)
      rspec-core (~> 3.6.0)
      rspec-expectations (~> 3.6.0)
      rspec-mocks (~> 3.6.0)
      rspec-support (~> 3.6.0)
    rspec-support (3.6.0)
    sass (3.2.19)
    sass-rails (4.0.5)
      railties (>= 4.0.0, < 5.0)
      sass (~> 3.2.2)
      sprockets (~> 2.8, < 3.0)
      sprockets-rails (~> 2.0)
    sdoc (0.4.2)
      json (~> 1.7, >= 1.7.7)
      rdoc (~> 4.0)
    simplecov (0.14.1)
      docile (~> 1.1.0)
      json (>= 1.8, < 3)
      simplecov-html (~> 0.10.0)
    simplecov-html (0.10.1)
    slop (3.6.0)
    sprockets (2.12.4)
      hike (~> 1.2)
      multi_json (~> 1.0)
      rack (~> 1.0)
      tilt (~> 1.1, != 1.3.0)
    sprockets-rails (2.3.3)
      actionpack (>= 3.0)
      activesupport (>= 3.0)
      sprockets (>= 2.8, < 4.0)
    thor (0.19.4)
    thread_safe (0.3.6)
    tilt (1.4.1)
    turbolinks (5.0.1)
      turbolinks-source (~> 5)
    turbolinks-source (5.0.3)
    tzinfo (0.3.53)
    uglifier (3.2.0)
      execjs (>= 0.3.0, < 3)

PLATFORMS
  ruby

DEPENDENCIES
  better_errors
  binding_of_caller
  carrierwave (~> 1.0)
  coffee-rails (~> 4.0.0)
  delayed_job_active_record
  factory_girl_rails
  faker
  google_distance_matrix
  jbuilder (~> 1.2)
  jquery-rails
  material_icons
  pg (= 0.20)
  pry-rails
  puma
  quiet_assets
  rabl
  railroady
  rails (= 4.0.13)
  rspec
  rspec-rails
  sass-rails (~> 4.0.2)
  sdoc
  simplecov
  turbolinks
  uglifier (>= 1.3.0)

BUNDLED WITH
   1.11.2
